GIT
  remote: git://github.com/DawidJanczak/mormon.git
  revision: 0e50517ee4b95865728609563e9d74d6f3dc4f0d
  branch: integration
  specs:
    mormon (2.0.2)
      nokogiri

GEM
  remote: https://rubygems.org/
  specs:
    builder (3.2.2)
    coderay (1.1.1)
    method_source (0.8.2)
    mini_portile2 (2.1.0)
    nokogiri (1.6.8.1)
      mini_portile2 (~> 2.1.0)
    pry (0.10.4)
      coderay (~> 1.1.0)
      method_source (~> 0.8.1)
      slop (~> 3.4)
    ruby_kml (0.1.7)
      builder
      nokogiri
    slop (3.6.0)

PLATFORMS
  ruby

DEPENDENCIES
  mormon!
  pry
  ruby_kml

BUNDLED WITH
   1.13.6
