GIT
  remote: git://github.com/DawidJanczak/mormon.git
  revision: 6f3d24aec3cc5a5861fb166efe05afe6efb578c4
  branch: integration
  specs:
    mormon (2.0.2)
      nokogiri

GEM
  remote: https://rubygems.org/
  specs:
    backports (3.6.8)
    builder (3.2.2)
    coderay (1.1.1)
    daemons (1.2.4)
    eventmachine (1.2.1)
    haml (4.0.7)
      tilt
    json (1.8.3)
    method_source (0.8.2)
    mini_portile2 (2.1.0)
    multi_json (1.12.1)
    nokogiri (1.6.8.1)
      mini_portile2 (~> 2.1.0)
    pry (0.10.4)
      coderay (~> 1.1.0)
      method_source (~> 0.8.1)
      slop (~> 3.4)
    rack (1.6.5)
    rack-protection (1.5.3)
      rack
    rack-test (0.6.3)
      rack (>= 1.0)
    ruby_kml (0.1.7)
      builder
      nokogiri
    sinatra (1.4.7)
      rack (~> 1.5)
      rack-protection (~> 1.4)
      tilt (>= 1.3, < 3)
    sinatra-contrib (1.4.7)
      backports (>= 2.0)
      multi_json
      rack-protection
      rack-test
      sinatra (~> 1.4.0)
      tilt (>= 1.3, < 3)
    slop (3.6.0)
    thin (1.7.0)
      daemons (~> 1.0, >= 1.0.9)
      eventmachine (~> 1.0, >= 1.0.4)
      rack (>= 1, < 3)
    tilt (2.0.5)

PLATFORMS
  ruby

DEPENDENCIES
  haml
  json
  mormon!
  pry
  ruby_kml
  sinatra
  sinatra-contrib
  thin

BUNDLED WITH
   1.13.6
